GEM
  remote: https://rubygems.org/
  specs:
    better_errors (2.10.1)
      erubi (>= 1.0.0)
      rack (>= 0.9.0)
      rouge (>= 1.0.0)
    binding_of_caller (1.0.0)
      debug_inspector (>= 0.0.1)
    concurrent-ruby (1.2.2)
    date (3.3.3)
    debug_inspector (1.1.0)
    dotenv (2.8.1)
    erubi (1.12.0)
    faker (3.2.0)
      i18n (>= 1.8.11, < 2)
    geocoder (1.8.2)
    hashids (1.0.6)
    i18n (1.14.1)
      concurrent-ruby (~> 1.0)
    mail (2.8.1)
      mini_mime (>= 0.1.1)
      net-imap
      net-pop
      net-smtp
    mini_mime (1.1.2)
    multi_json (1.15.0)
    mustermann (3.0.0)
      ruby2_keywords (~> 0.0.1)
    net-imap (0.3.7)
      date
      net-protocol
    net-pop (0.1.2)
      net-protocol
    net-protocol (0.2.1)
      timeout
    net-smtp (0.3.3)
      net-protocol
    rack (2.2.7)
    rack-protection (3.0.6)
      rack
    rouge (4.1.2)
    ruby2_keywords (0.0.5)
    sinatra (3.0.6)
      mustermann (~> 3.0)
      rack (~> 2.2, >= 2.2.4)
      rack-protection (= 3.0.6)
      tilt (~> 2.0)
    sinatra-contrib (3.0.6)
      multi_json
      mustermann (~> 3.0)
      rack-protection (= 3.0.6)
      sinatra (= 3.0.6)
      tilt (~> 2.0)
    tilt (2.2.0)
    timeout (0.4.0)

PLATFORMS
  x86_64-linux

DEPENDENCIES
  better_errors
  binding_of_caller
  dotenv
  faker
  geocoder
  hashids
  mail
  sinatra
  sinatra-contrib

RUBY VERSION
   ruby 3.2.1p31

BUNDLED WITH
   2.4.17
